GIT
  remote: https://github.com/kevinoid/jekyll-sitemap.git
  revision: 79aa3cd9fa7ff67e352d40d60d0228f2e3777702
  branch: proposed-updates
  specs:
    jekyll-sitemap (0.8.1)

GEM
  remote: https://rubygems.org/
  specs:
    colorator (1.1.0)
    ffi (1.9.17)
    forwardable-extended (2.6.0)
    jekyll (3.2.1)
      colorator (~> 1.0)
      jekyll-sass-converter (~> 1.0)
      jekyll-watch (~> 1.1)
      kramdown (~> 1.3)
      liquid (~> 3.0)
      mercenary (~> 0.3.3)
      pathutil (~> 0.9)
      rouge (~> 1.7)
      safe_yaml (~> 1.0)
    jekyll-last-modified-at (1.0.0)
      jekyll (~> 3.2.1)
      posix-spawn (~> 0.3.9)
    jekyll-sass-converter (1.5.0)
      sass (~> 3.4)
    jekyll-watch (1.5.0)
      listen (~> 3.0, < 3.1)
    kramdown (1.13.2)
    liquid (3.0.6)
    listen (3.0.8)
      rb-fsevent (~> 0.9, >= 0.9.4)
      rb-inotify (~> 0.9, >= 0.9.7)
    mercenary (0.3.6)
    multi_json (1.12.1)
    pathutil (0.14.0)
      forwardable-extended (~> 2.6)
    posix-spawn (0.3.13)
    pygments.rb (1.1.1)
      multi_json (>= 1.0.0)
    rb-fsevent (0.9.8)
    rb-inotify (0.9.7)
      ffi (>= 0.5.0)
    rouge (1.11.1)
    safe_yaml (1.0.4)
    sass (3.4.23)

PLATFORMS
  ruby

DEPENDENCIES
  jekyll
  jekyll-last-modified-at
  jekyll-sitemap!
  pygments.rb

BUNDLED WITH
   1.13.6
